GEM
  remote: https://rubygems.org/
  specs:
    array_include_methods (1.4.0)
    chunky_png (1.4.0)
    color (1.8)
    equalizer (0.0.11)
    facets (3.1.0)
    fxruby (1.6.46-x64-mingw-ucrt)
      mini_portile2 (~> 2.1)
    glimmer (2.7.3)
      array_include_methods (~> 1.4.0)
      facets (>= 3.1.0, < 4.0.0)
    glimmer-dsl-libui (0.7.3)
      chunky_png (~> 1.4.0)
      color (~> 1.8)
      equalizer (= 0.0.11)
      glimmer (~> 2.7.3)
      libui (~> 0.1.2.pre)
      os (>= 1.0.0, < 2.0.0)
      perfect-shape (~> 1.0.7)
      rouge (>= 3.26.0, < 4.0.0)
      super_module (~> 1.4.1)
    libui (0.1.2.pre-x64-mingw)
    matrix (0.4.2)
    method_source (1.0.0)
    mini_portile2 (2.8.1)
    os (1.1.4)
    perfect-shape (1.0.7)
      equalizer (>= 0.0.11, < 1.1.0)
      matrix (>= 0.4.2, < 1.1.0)
    rouge (3.30.0)
    shoes (3.0.1)
    sqlite3 (1.6.2-x64-mingw-ucrt)
    super_module (1.4.1)
      method_source (>= 0.8.2, < 1.1.0)

PLATFORMS
  x64-mingw-ucrt

DEPENDENCIES
  fxruby
  glimmer-dsl-libui
  shoes
  sqlite3

BUNDLED WITH
   2.3.7
