GEM
  remote: https://rubygems.org/
  specs:
    sqlite3 (1.6.2-x64-mingw-ucrt)

PLATFORMS
  x64-mingw-ucrt

DEPENDENCIES
  sqlite3

BUNDLED WITH
   2.3.7
